GEM
  remote: https://rubygems.org/
  specs:
    actionmailer (4.1.6)
      actionpack (= 4.1.6)
      actionview (= 4.1.6)
      mail (~> 2.5, >= 2.5.4)
    actionpack (4.1.6)
      actionview (= 4.1.6)
      activesupport (= 4.1.6)
      rack (~> 1.5.2)
      rack-test (~> 0.6.2)
    actionview (4.1.6)
      activesupport (= 4.1.6)
      builder (~> 3.1)
      erubis (~> 2.7.0)
    activemodel (4.1.6)
      activesupport (= 4.1.6)
      builder (~> 3.1)
    activerecord (4.1.6)
      activemodel (= 4.1.6)
      activesupport (= 4.1.6)
      arel (~> 5.0.0)
    activesupport (4.1.6)
      i18n (~> 0.6, >= 0.6.9)
      json (~> 1.7, >= 1.7.7)
      minitest (~> 5.1)
      thread_safe (~> 0.1)
      tzinfo (~> 1.1)
    addressable (2.4.0)
    ansi (1.4.3)
    arel (5.0.1.20140414130214)
    bcrypt (3.1.9)
    binding_of_caller (0.7.3.pre1)
      debug_inspector (>= 0.0.1)
    bootstrap-sass (3.2.0.0)
      sass (~> 3.2)
    bootstrap-will_paginate (0.0.10)
      will_paginate
    buftok (0.2.0)
    builder (3.2.2)
    byebug (3.4.0)
      columnize (~> 0.8)
      debugger-linecache (~> 1.2)
      slop (~> 3.6)
    celluloid (0.16.0)
      timers (~> 4.0.0)
    coderay (1.1.0)
    coffee-rails (4.0.1)
      coffee-script (>= 2.2.0)
      railties (>= 4.0.0, < 5.0)
    coffee-script (2.3.0)
      coffee-script-source
      execjs
    coffee-script-source (1.8.0)
    columnize (0.8.9)
    debug_inspector (0.0.2)
    debugger-linecache (1.2.0)
    domain_name (0.5.20160615)
      unf (>= 0.0.5, < 1.0.0)
    equalizer (0.0.10)
    erubis (2.7.0)
    execjs (2.2.2)
    faker (1.4.2)
      i18n (~> 0.5)
    faraday (0.9.2)
      multipart-post (>= 1.2, < 3)
    ffi (1.9.6)
    formatador (0.2.5)
    guard (2.8.2)
      formatador (>= 0.2.4)
      listen (~> 2.7)
      lumberjack (~> 1.0)
      pry (>= 0.9.12)
      thor (>= 0.18.1)
    guard-minitest (2.3.1)
      guard (~> 2.0)
      minitest (>= 3.0)
    hike (1.2.3)
    hitimes (1.2.2)
    http (1.0.4)
      addressable (~> 2.3)
      http-cookie (~> 1.0)
      http-form_data (~> 1.0.1)
      http_parser.rb (~> 0.6.0)
    http-cookie (1.0.2)
      domain_name (~> 0.5)
    http-form_data (1.0.1)
    http_parser.rb (0.6.0)
    i18n (0.6.11)
    jbuilder (2.0.0)
      activesupport (>= 3.0.0)
      multi_json (>= 1.2.0)
    jquery-rails (3.1.2)
      railties (>= 3.0, < 5.0)
      thor (>= 0.14, < 2.0)
    json (1.8.1)
    listen (2.8.0)
      celluloid (>= 0.15.2)
      rb-fsevent (>= 0.9.3)
      rb-inotify (>= 0.9)
    loofah (2.0.1)
      nokogiri (>= 1.5.9)
    lumberjack (1.0.9)
    mail (2.6.3)
      mime-types (>= 1.16, < 3)
    memoizable (0.4.2)
      thread_safe (~> 0.3, >= 0.3.1)
    method_source (0.8.2)
    mime-types (2.4.3)
    mini_backtrace (0.1.3)
      minitest (> 1.2.0)
      rails (>= 2.3.3)
    mini_portile (0.6.1)
    minitest (5.4.3)
    minitest-reporters (1.0.5)
      ansi
      builder
      minitest (>= 5.0)
      ruby-progressbar
    multi_json (1.10.1)
    multipart-post (2.0.0)
    mysql2 (0.4.4)
    naught (1.1.0)
    nokogiri (1.6.4.1)
      mini_portile (~> 0.6.0)
    pg (0.17.1)
    pry (0.10.1)
      coderay (~> 1.1.0)
      method_source (~> 0.8.1)
      slop (~> 3.4)
    rack (1.5.2)
    rack-test (0.6.2)
      rack (>= 1.0)
    rails (4.1.6)
      actionmailer (= 4.1.6)
      actionpack (= 4.1.6)
      actionview (= 4.1.6)
      activemodel (= 4.1.6)
      activerecord (= 4.1.6)
      activesupport (= 4.1.6)
      bundler (>= 1.3.0, < 2.0)
      railties (= 4.1.6)
      sprockets-rails (~> 2.0)
    rails-html-sanitizer (1.0.1)
      loofah (~> 2.0)
    rails_12factor (0.0.2)
      rails_serve_static_assets
      rails_stdout_logging
    rails_serve_static_assets (0.0.2)
    rails_stdout_logging (0.0.3)
    railties (4.1.6)
      actionpack (= 4.1.6)
      activesupport (= 4.1.6)
      rake (>= 0.8.7)
      thor (>= 0.18.1, < 2.0)
    rake (10.3.2)
    rb-fsevent (0.9.4)
    rb-inotify (0.9.5)
      ffi (>= 0.5.0)
    rdoc (4.1.2)
      json (~> 1.4)
    ruby-progressbar (1.7.0)
    sass (3.2.19)
    sass-rails (4.0.3)
      railties (>= 4.0.0, < 5.0)
      sass (~> 3.2.0)
      sprockets (~> 2.8, <= 2.11.0)
      sprockets-rails (~> 2.0)
    sdoc (0.4.0)
      json (~> 1.8)
      rdoc (~> 4.0, < 5.0)
    simple_oauth (0.3.1)
    slop (3.6.0)
    spring (1.1.3)
    sprockets (2.11.0)
      hike (~> 1.2)
      multi_json (~> 1.0)
      rack (~> 1.0)
      tilt (~> 1.1, != 1.3.0)
    sprockets-rails (2.2.0)
      actionpack (>= 3.0)
      activesupport (>= 3.0)
      sprockets (>= 2.8, < 4.0)
    sqlite3 (1.3.9)
    thor (0.19.1)
    thread_safe (0.3.4)
    tilt (1.4.1)
    timers (4.0.1)
      hitimes
    turbolinks (2.5.2)
      coffee-rails
    twitter (5.16.0)
      addressable (~> 2.3)
      buftok (~> 0.2.0)
      equalizer (= 0.0.10)
      faraday (~> 0.9.0)
      http (~> 1.0)
      http_parser.rb (~> 0.6.0)
      json (~> 1.8)
      memoizable (~> 0.4.0)
      naught (~> 1.0)
      simple_oauth (~> 0.3.0)
    tzinfo (1.2.2)
      thread_safe (~> 0.1)
    uglifier (2.5.3)
      execjs (>= 0.3.0)
      json (>= 1.8.0)
    unf (0.1.4)
      unf_ext
    unf_ext (0.0.7.2)
    web-console (2.0.0.beta3)
      activemodel (~> 4.0)
      binding_of_caller (= 0.7.3.pre1)
      railties (~> 4.0)
      sprockets-rails (>= 2.0, < 4.0)
    will_paginate (3.0.7)

PLATFORMS
  ruby

DEPENDENCIES
  bcrypt (~> 3.1.7)
  bootstrap-sass (= 3.2.0.0)
  bootstrap-will_paginate (= 0.0.10)
  byebug (= 3.4.0)
  coffee-rails (= 4.0.1)
  faker (= 1.4.2)
  guard-minitest (= 2.3.1)
  jbuilder (= 2.0)
  jquery-rails
  mini_backtrace (= 0.1.3)
  minitest-reporters (= 1.0.5)
  mysql2
  pg (= 0.17.1)
  rails (= 4.1.6)
  rails-html-sanitizer (= 1.0.1)
  rails_12factor (= 0.0.2)
  sass-rails (= 4.0.3)
  sdoc (= 0.4.0)
  spring (= 1.1.3)
  sqlite3 (= 1.3.9)
  turbolinks
  twitter
  uglifier (= 2.5.3)
  web-console (= 2.0.0.beta3)
  will_paginate (= 3.0.7)
